PATH
  remote: .
  specs:
    data_store (0.1.0)

GEM
  remote: https://rubygems.org/
  specs:
    codecov (0.1.10)
      json
      simplecov
      url
    docile (1.3.1)
    json (2.1.0)
    minitest (5.11.3)
    rake (10.5.0)
    simplecov (0.16.1)
      docile (~> 1.1)
      json (>= 1.8, < 3)
      simplecov-html (~> 0.10.0)
    simplecov-html (0.10.2)
    url (0.3.2)

PLATFORMS
  ruby

DEPENDENCIES
  bundler (~> 1.16)
  codecov
  data_store!
  minitest (~> 5.0)
  rake (~> 10.0)

BUNDLED WITH
   1.16.2
