PATH
  remote: .
  specs:
    data_structures (0.1)

GEM
  remote: https://rubygems.org/
  specs:
    docile (1.3.2)
    minitest (5.13.0)
    rake (13.0.1)
    simplecov (0.18.5)
      docile (~> 1.1)
      simplecov-html (~> 0.11)
    simplecov-html (0.12.2)

PLATFORMS
  ruby

DEPENDENCIES
  bundler (~> 2.1.4)
  data_structures!
  minitest (~> 5.13.0)
  rake (~> 13.0.1)
  simplecov (~> 0.16)

BUNDLED WITH
   2.1.4
